GEM
  remote: https://rubygems.org/
  specs:
    ast (2.4.3)
    deepl-rb (3.2.0)
    dotenv (3.1.8)
    json (2.15.2)
    language_server-protocol (3.17.0.5)
    lint_roller (1.1.0)
    parallel (1.27.0)
    parser (3.3.10.0)
      ast (~> 2.4.1)
      racc
    prism (1.5.2)
    racc (1.8.1)
    rainbow (3.1.1)
    regexp_parser (2.11.3)
    rubocop (1.81.7)
      json (~> 2.3)
      language_server-protocol (~> 3.17.0.2)
      lint_roller (~> 1.1.0)
      parallel (~> 1.10)
      parser (>= 3.3.0.2)
      rainbow (>= 2.2.2, < 4.0)
      regexp_parser (>= 2.9.3, < 3.0)
      rubocop-ast (>= 1.47.1, < 2.0)
      ruby-progressbar (~> 1.7)
      unicode-display_width (>= 2.4.0, < 4.0)
    rubocop-ast (1.47.1)
      parser (>= 3.3.7.2)
      prism (~> 1.4)
    ruby-progressbar (1.13.0)
    unicode-display_width (2.6.0)

PLATFORMS
  x86_64-linux

DEPENDENCIES
  deepl-rb
  dotenv
  rubocop

BUNDLED WITH
   2.5.7
